GEM
  remote: http://rubygems.org/
  specs:
    ruby-processing (1.0.9)

PLATFORMS
  java

DEPENDENCIES
  ruby-processing (~> 1.0)
